PATH
  remote: .
  specs:
    ic_agent (0.1.0)

GEM
  remote: https://rubygems.org/
  specs:
    base32 (0.3.4)
    diff-lcs (1.5.0)
    rake (13.0.6)
    rspec (3.12.0)
      rspec-core (~> 3.12.0)
      rspec-expectations (~> 3.12.0)
      rspec-mocks (~> 3.12.0)
    rspec-core (3.12.1)
      rspec-support (~> 3.12.0)
    rspec-expectations (3.12.2)
      diff-lcs (>= 1.2.0, < 2.0)
      rspec-support (~> 3.12.0)
    rspec-mocks (3.12.5)
      diff-lcs (>= 1.2.0, < 2.0)
      rspec-support (~> 3.12.0)
    rspec-support (3.12.0)

PLATFORMS
  arm64-darwin-22

DEPENDENCIES
  base32 (~> 0.3.4)
  ic_agent!
  rake (~> 13.0)
  rspec (~> 3.2)

BUNDLED WITH
   2.4.10
